{
	"Modality": "MR",
	"MagneticFieldStrength": 6.98,
	"Manufacturer": "Siemens",
	"ManufacturersModelName": "Investigational_Device_7T",
	"InstitutionName": "Robarts_Reserch_Institute",
	"InstitutionalDepartmentName": "Department",
	"InstitutionAddress": "Richmond_Street_North_1151_London_4753F2_Ontario_CA_N6A_5B7",
	"DeviceSerialNumber": "18932",
	"StationName": "MASTER",
	"SeriesInstanceUID": "1.3.12.2.1107.5.2.34.18932.2018052512302415940414884.0.0.0",
	"StudyInstanceUID": "1.3.12.2.1107.5.2.34.18932.30000018052512432614000000007",
	"StudyID": "1",
	"PatientName": "2018_05_25_S025",
	"PatientID": "18.05.25-12:04:59-DST-1.3.12.2.1107.5.2.34.18932",
	"PatientSex": "F",
	"PatientWeight": 68.0389,
	"PatientPosition": "HFS",
	"ProcedureStepDescription": "Diedrichsen_LongSeqLearn",
	"SoftwareVersions": "syngo_MR_B17",
	"MRAcquisitionType": "2D",
	"SeriesDescription": "mbep2d_bold_mb2_p3_AP_2iso",
	"ProtocolName": "mbep2d_bold_mb2_p3_AP_2iso",
	"ScanningSequence": "EP",
	"SequenceVariant": "SK_SS",
	"ScanOptions": "PFP_FS",
	"SequenceName": "epfid2d1_104",
	"ImageType": ["ORIGINAL", "PRIMARY", "M", "MB", "ND", "MOSAIC"],
	"SeriesNumber": 16,
	"AcquisitionTime": "12:30:51.947500",
	"AcquisitionDateTime": "2018-05-25T12:30:51.947500",
	"AcquisitionNumber": 1,
	"ImageComments": "Unaliased_MB2_PE2",
	"SliceThickness": 2,
	"SpacingBetweenSlices": 2,
	"EchoTime": 0.02,
	"RepetitionTime": 1,
	"FlipAngle": 30,
	"PartialFourier": 0.875,
	"BaseResolution": 104,
	"ShimSetting": [
		-85,
		1902,
		372,
		457,
		202,
		-103,
		-411,
		-107	],
	"TxRefAmp": 120,
	"PhaseResolution": 1,
	"ReceiveCoilName": "CFMM_8Tx32Rx",
	"PulseSequenceDetails": "%CustomerSeq%_cmrr_mbep2d_bold",
	"MultibandAccelerationFactor": 2,
	"PercentPhaseFOV": 100,
	"PhaseEncodingSteps": 91,
	"AcquisitionMatrixPE": 104,
	"ReconMatrixPE": 104,
	"BandwidthPerPixelPhaseEncode": 43.054,
	"ParallelReductionFactorInPlane": 3,
	"EffectiveEchoSpacing": 0.000223333,
	"DerivedVendorReportedEchoSpacing": 0.000669999,
	"TotalReadoutTime": 0.0230033,
	"PixelBandwidth": 1717,
	"DwellTime": 2.8e-06,
	"PhaseEncodingDirection": "j-",
	"SliceTiming": [
		0,
		0.2275,
		0.4575,
		0.685,
		0.9125,
		0.1375,
		0.365,
		0.5925,
		0.82,
		0.045,
		0.275,
		0.5025,
		0.73,
		0.9575,
		0.1825,
		0.41,
		0.6375,
		0.8675,
		0.0925,
		0.32,
		0.5475,
		0.775,
		0,
		0.2275,
		0.4575,
		0.685,
		0.9125,
		0.1375,
		0.365,
		0.5925,
		0.82,
		0.045,
		0.275,
		0.5025,
		0.73,
		0.9575,
		0.1825,
		0.41,
		0.6375,
		0.8675,
		0.0925,
		0.32,
		0.5475,
		0.775	],
	"ImageOrientationPatientDICOM": [
		1,
		0,
		0,
		0,
		0.942057,
		-0.335452	],
	"InPlanePhaseEncodingDirectionDICOM": "COL",
	"ConversionSoftware": "dcm2niix",
	"ConversionSoftwareVersion": "v1.0.20180404 GCC4.4.7"
}
